PATH
  remote: crates/demo
  specs:
    demo (1.0.0)
      helix_runtime (~> 0.7.2)

GEM
  remote: https://rubygems.org/
  specs:
    helix_runtime (0.7.2)
      rake (>= 10.0)
      thor (~> 0.19.4)
      tomlrb (~> 1.2.4)
    rake (12.3.0)
    thor (0.19.4)
    tomlrb (1.2.6)

PLATFORMS
  ruby

DEPENDENCIES
  demo!

BUNDLED WITH
   1.16.0
