GEM
  remote: https://rubygems.org/
  specs:
    json (2.1.0)
    puma (3.11.0)
    rack (2.0.3)
    roda (3.2.0)
      rack
    slim (3.0.9)
      temple (>= 0.7.6, < 0.9)
      tilt (>= 1.3.3, < 2.1)
    temple (0.8.0)
    tilt (2.0.8)

PLATFORMS
  ruby

DEPENDENCIES
  json
  puma
  roda
  slim

BUNDLED WITH
   1.15.4
