GEM
  remote: https://rubygems.org/
  specs:
    amq-protocol (2.2.0)
    bunny (2.7.4)
      amq-protocol (~> 2.2.0)
    concurrent-ruby (1.0.5)
    json (2.1.0)
    puma (3.11.0)
    rack (2.0.3)
    roda (3.2.0)
      rack
    serverengine (1.5.11)
      sigdump (~> 0.2.2)
    sigdump (0.2.4)
    slim (3.0.9)
      temple (>= 0.7.6, < 0.9)
      tilt (>= 1.3.3, < 2.1)
    sneakers (2.6.0)
      bunny (~> 2.7.0)
      concurrent-ruby (~> 1.0)
      serverengine (~> 1.5.11)
      thor
    temple (0.8.0)
    thor (0.20.0)
    tilt (2.0.8)

PLATFORMS
  ruby

DEPENDENCIES
  json
  puma
  roda
  slim
  sneakers

BUNDLED WITH
   1.15.4
